GEM
  remote: https://rubygems.org/
  specs:
    connection_pool (2.4.1)
    ffi (1.16.3)
    karafka (2.3.3)
      karafka-core (>= 2.3.0, < 2.4.0)
      waterdrop (>= 2.6.12, < 3.0.0)
      zeitwerk (~> 2.3)
    karafka-core (2.3.0)
      karafka-rdkafka (>= 0.14.8, < 0.15.0)
    karafka-rdkafka (0.14.10)
      ffi (~> 1.15)
      mini_portile2 (~> 2.6)
      rake (> 12)
    mini_portile2 (2.8.5)
    rake (13.1.0)
    redis (5.1.0)
      redis-client (>= 0.17.0)
    redis-client (0.21.1)
      connection_pool
    waterdrop (2.6.14)
      karafka-core (>= 2.2.3, < 3.0.0)
      zeitwerk (~> 2.3)
    zeitwerk (2.6.13)

PLATFORMS
  arm64-darwin-21

DEPENDENCIES
  karafka
  redis

RUBY VERSION
   ruby 3.1.2p20

BUNDLED WITH
   2.3.7
